PATH
  remote: .
  specs:
    money (5.1.0)
      i18n (~> 0.6.0)

GEM
  remote: http://rubygems.org/
  specs:
    activesupport (3.2.8)
      i18n (~> 0.6)
      multi_json (~> 1.0)
    diff-lcs (1.1.3)
    i18n (0.6.1)
    json (1.7.5)
    json (1.7.5-java)
    json_builder (3.1.7)
      activesupport (>= 2.0.0)
      json
    kramdown (0.13.8)
    multi_json (1.3.6)
    rake (0.9.2.2)
    rspec (2.10.0)
      rspec-core (~> 2.10.0)
      rspec-expectations (~> 2.10.0)
      rspec-mocks (~> 2.10.0)
    rspec-core (2.10.1)
    rspec-expectations (2.10.0)
      diff-lcs (~> 1.1.3)
    rspec-mocks (2.10.1)
    yard (0.8.2.1)

PLATFORMS
  java
  ruby

DEPENDENCIES
  json
  json_builder
  kramdown (~> 0.13.7)
  money!
  rake
  rspec (~> 2.10.0)
  yard (~> 0.8.1)
